GIT
  remote: git://github.com/middleman/middleman-syntax.git
  revision: 15496700fc08fe49861e5a8ce6084eebabcc23b5
  specs:
    middleman-syntax (2.0.0)
      middleman-core (~> 3.2)
      rouge (~> 1.0)

GIT
  remote: git://github.com/ngs/middleman-blog-similar.git
  revision: 1ec0c5d7852cbcad82994581162955b0b837e444
  ref: begin-rescue-tree-tagger
  specs:
    middleman-blog-similar (1.1.1)
      fast-stemmer (~> 1.0.2)
      middleman-blog (~> 3.5)
      middleman-core (~> 3.2)

GIT
  remote: git://github.com/ngs/middleman-google-analytics.git
  revision: ef624fa12bbcca9fab1ef8331b73bc9f4bf93f0d
  specs:
    middleman-google-analytics (1.0.2)
      middleman-core (~> 3.2)
      uglifier (>= 2.1, < 3.0)

GIT
  remote: git://github.com/ngs/middleman-ogp.git
  revision: 6eaacf9c9cd1cb086fda09a3d3d883ca67b24421
  branch: blog-support
  specs:
    middleman-ogp (1.0.4)
      middleman-core (~> 3.2)

GEM
  remote: http://rubygems.org/
  specs:
    activesupport (3.2.22)
      i18n (~> 0.6, >= 0.6.4)
      multi_json (~> 1.0)
    addressable (2.3.8)
    builder (3.2.2)
    chunky_png (1.3.4)
    coffee-script (2.2.0)
      coffee-script-source
      execjs
    coffee-script-source (1.9.1.1)
    compass (1.0.3)
      chunky_png (~> 1.2)
      compass-core (~> 1.0.2)
      compass-import-once (~> 1.0.5)
      rb-fsevent (>= 0.9.3)
      rb-inotify (>= 0.9)
      sass (>= 3.3.13, < 3.5)
    compass-core (1.0.3)
      multi_json (~> 1.0)
      sass (>= 3.3.0, < 3.5)
    compass-import-once (1.0.5)
      sass (>= 3.2, < 3.5)
    crass (1.0.2)
    docile (1.1.5)
    dotenv (2.0.2)
    em-websocket (0.5.1)
      eventmachine (>= 0.12.9)
      http_parser.rb (~> 0.6.0)
    eventmachine (1.0.8)
    execjs (1.4.1)
      multi_json (~> 1.0)
    fast-stemmer (1.0.2)
    favicon_maker (1.3)
      docile (~> 1.1)
    ffi (1.9.10)
    gemoji (2.1.0)
    haml (4.0.7)
      tilt
    hike (1.2.3)
    http_parser.rb (0.6.0)
    i18n (0.6.11)
    jbuilder (2.3.1)
      activesupport (>= 3.0.0, < 5)
      multi_json (~> 1.2)
    json (1.8.3)
    kramdown (1.8.0)
    levenshtein-ffi (1.1.0)
      ffi (~> 1.9)
    listen (1.3.1)
      rb-fsevent (>= 0.9.3)
      rb-inotify (>= 0.9)
      rb-kqueue (>= 0.2)
    middleman (3.2.2)
      coffee-script (~> 2.2.0)
      compass (>= 0.12.2)
      execjs (~> 1.4.0)
      haml (>= 3.1.6)
      kramdown (~> 1.2)
      middleman-core (= 3.2.2)
      middleman-sprockets (>= 3.1.2)
      sass (>= 3.1.20)
      uglifier (~> 2.4.0)
    middleman-blog (3.5.3)
      addressable (~> 2.3.5)
      middleman-core (~> 3.2)
      tzinfo (>= 0.3.0)
    middleman-core (3.2.2)
      activesupport (~> 3.2.6)
      bundler (~> 1.1)
      i18n (~> 0.6.9)
      listen (~> 1.1)
      rack (>= 1.4.5)
      rack-test (~> 0.6.1)
      thor (>= 0.15.2, < 2.0)
      tilt (~> 1.4.1)
    middleman-deploy (1.0.0)
      middleman-core (>= 3.2)
      net-sftp
      ptools
    middleman-disqus (0.0.3)
      middleman-core (>= 3.1.0)
    middleman-favicon-maker (3.7)
      favicon_maker (~> 1.3)
      middleman-core (>= 3.0.0)
    middleman-livereload (3.3.4)
      em-websocket (~> 0.5.1)
      middleman-core (~> 3.2)
      rack-livereload (~> 0.3.15)
    middleman-sprockets (3.3.3)
      middleman-core (>= 3.2)
      sprockets (~> 2.2)
      sprockets-helpers (~> 1.1.0)
      sprockets-sass (~> 1.1.0)
    mini_portile (0.6.2)
    multi_json (1.11.2)
    net-sftp (2.1.2)
      net-ssh (>= 2.6.5)
    net-ssh (2.9.2)
    nokogiri (1.6.6.2)
      mini_portile (~> 0.6.0)
    nokogumbo (1.4.7)
      nokogiri
    ptools (1.3.2)
    rack (1.6.4)
    rack-livereload (0.3.16)
      rack
    rack-test (0.6.3)
      rack (>= 1.0)
    rb-fsevent (0.9.6)
    rb-inotify (0.9.5)
      ffi (>= 0.5.0)
    rb-kqueue (0.2.4)
      ffi (>= 0.5.0)
    redcarpet (3.3.2)
    rouge (1.10.1)
    sanitize (4.0.1)
      crass (~> 1.0.2)
      nokogiri (>= 1.4.4)
      nokogumbo (~> 1.4.1)
    sass (3.4.18)
    slim (3.0.6)
      temple (~> 0.7.3)
      tilt (>= 1.3.3, < 2.1)
    sprockets (2.12.4)
      hike (~> 1.2)
      multi_json (~> 1.0)
      rack (~> 1.0)
      tilt (~> 1.1, != 1.3.0)
    sprockets-helpers (1.1.0)
      sprockets (~> 2.0)
    sprockets-sass (1.1.0)
      sprockets (~> 2.0)
      tilt (~> 1.1)
    temple (0.7.6)
    thor (0.19.1)
    thread_safe (0.3.5)
    tilt (1.4.1)
    tilt-jbuilder (0.7.0)
      jbuilder
      tilt (>= 1.3.0, < 3)
    tzinfo (1.2.2)
      thread_safe (~> 0.1)
    uglifier (2.4.0)
      execjs (>= 0.3.0)
      json (>= 1.8.0)

PLATFORMS
  ruby

DEPENDENCIES
  builder (~> 3.0)
  coffee-script
  dotenv
  gemoji (~> 2.1)
  jbuilder
  levenshtein-ffi
  middleman (~> 3.2.2)
  middleman-blog (~> 3.5.0)
  middleman-blog-similar!
  middleman-deploy
  middleman-disqus (~> 0.0.3)
  middleman-favicon-maker (~> 3.5)
  middleman-google-analytics!
  middleman-livereload (~> 3.3.2)
  middleman-ogp!
  middleman-syntax!
  nokogiri
  redcarpet
  sanitize
  sass
  slim
  tilt-jbuilder

BUNDLED WITH
   1.10.6
