GIT
  remote: git://github.com/middleman/middleman-blog.git
  revision: 5751f7cc15138dc618bdce1c9ba4a08a24ab2e08
  tag: v3.6.0.beta.2
  specs:
    middleman-blog (3.6.0.beta.2)
      addressable (~> 2.3.5)
      middleman-core (>= 3.3)
      tzinfo (>= 0.3.0)

GIT
  remote: git://github.com/middleman/middleman-syntax.git
  revision: d1a49ee30f9a2ef939a00b78f3b38cca6c5bcc0c
  specs:
    middleman-syntax (2.0.0)
      middleman-core (~> 3.2)
      rouge (~> 1.0)

GIT
  remote: git://github.com/ngs/middleman-blog-similar.git
  revision: 1ec0c5d7852cbcad82994581162955b0b837e444
  ref: begin-rescue-tree-tagger
  specs:
    middleman-blog-similar (1.1.1)
      fast-stemmer (~> 1.0.2)
      middleman-blog (~> 3.5)
      middleman-core (~> 3.2)

GIT
  remote: git://github.com/ngs/middleman-google-analytics.git
  revision: ef624fa12bbcca9fab1ef8331b73bc9f4bf93f0d
  specs:
    middleman-google-analytics (1.0.2)
      middleman-core (~> 3.2)
      uglifier (>= 2.1, < 3.0)

GIT
  remote: git://github.com/ngs/middleman-ogp.git
  revision: 6eaacf9c9cd1cb086fda09a3d3d883ca67b24421
  branch: blog-support
  specs:
    middleman-ogp (1.0.4)
      middleman-core (~> 3.2)

GEM
  remote: http://rubygems.org/
  specs:
    activesupport (4.1.10)
      i18n (~> 0.6, >= 0.6.9)
      json (~> 1.7, >= 1.7.7)
      minitest (~> 5.1)
      thread_safe (~> 0.1)
      tzinfo (~> 1.1)
    addressable (2.3.8)
    builder (3.2.2)
    celluloid (0.16.0)
      timers (~> 4.0.0)
    chunky_png (1.3.4)
    coffee-script (2.4.1)
      coffee-script-source
      execjs
    coffee-script-source (1.9.1)
    compass (1.0.3)
      chunky_png (~> 1.2)
      compass-core (~> 1.0.2)
      compass-import-once (~> 1.0.5)
      rb-fsevent (>= 0.9.3)
      rb-inotify (>= 0.9)
      sass (>= 3.3.13, < 3.5)
    compass-core (1.0.3)
      multi_json (~> 1.0)
      sass (>= 3.3.0, < 3.5)
    compass-import-once (1.0.5)
      sass (>= 3.2, < 3.5)
    docile (1.1.5)
    dotenv (2.0.1)
    em-websocket (0.5.1)
      eventmachine (>= 0.12.9)
      http_parser.rb (~> 0.6.0)
    erubis (2.7.0)
    eventmachine (1.0.7)
    execjs (2.5.0)
    fast-stemmer (1.0.2)
    favicon_maker (1.3)
      docile (~> 1.1)
    ffi (1.9.8)
    gemoji (2.1.0)
    haml (4.0.6)
      tilt
    hike (1.2.3)
    hitimes (1.2.2)
    hooks (0.4.0)
      uber (~> 0.0.4)
    http_parser.rb (0.6.0)
    i18n (0.7.0)
    jbuilder (2.2.12)
      activesupport (>= 3.0.0, < 5)
      multi_json (~> 1.2)
    json (1.8.2)
    kramdown (1.6.0)
    levenshtein-ffi (1.1.0)
      ffi (~> 1.9)
    listen (2.10.0)
      celluloid (~> 0.16.0)
      rb-fsevent (>= 0.9.3)
      rb-inotify (>= 0.9)
    middleman (3.3.10)
      coffee-script (~> 2.2)
      compass (>= 1.0.0, < 2.0.0)
      compass-import-once (= 1.0.5)
      execjs (~> 2.0)
      haml (>= 4.0.5)
      kramdown (~> 1.2)
      middleman-core (= 3.3.10)
      middleman-sprockets (>= 3.1.2)
      sass (>= 3.4.0, < 4.0)
      uglifier (~> 2.5)
    middleman-core (3.3.10)
      activesupport (~> 4.1.0)
      bundler (~> 1.1)
      erubis
      hooks (~> 0.3)
      i18n (~> 0.7.0)
      listen (>= 2.7.9, < 3.0)
      padrino-helpers (~> 0.12.3)
      rack (>= 1.4.5, < 2.0)
      rack-test (~> 0.6.2)
      thor (>= 0.15.2, < 2.0)
      tilt (~> 1.4.1, < 2.0)
    middleman-deploy (1.0.0)
      middleman-core (>= 3.2)
      net-sftp
      ptools
    middleman-disqus (1.0.0)
      middleman-core (~> 3.1)
    middleman-favicon-maker (3.7)
      favicon_maker (~> 1.3)
      middleman-core (>= 3.0.0)
    middleman-gemoji (0.0.4)
      gemoji (~> 2.1)
      middleman (~> 3.3)
    middleman-livereload (3.3.4)
      em-websocket (~> 0.5.1)
      middleman-core (~> 3.2)
      rack-livereload (~> 0.3.15)
    middleman-sprockets (3.4.2)
      middleman-core (>= 3.3)
      sprockets (~> 2.12.1)
      sprockets-helpers (~> 1.1.0)
      sprockets-sass (~> 1.3.0)
    mini_portile (0.6.2)
    minitest (5.5.1)
    multi_json (1.11.0)
    net-sftp (2.1.2)
      net-ssh (>= 2.6.5)
    net-ssh (2.9.2)
    nokogiri (1.6.6.2)
      mini_portile (~> 0.6.0)
    padrino-helpers (0.12.5)
      i18n (~> 0.6, >= 0.6.7)
      padrino-support (= 0.12.5)
      tilt (~> 1.4.1)
    padrino-support (0.12.5)
      activesupport (>= 3.1)
    ptools (1.3.2)
    rack (1.6.0)
    rack-livereload (0.3.15)
      rack
    rack-test (0.6.3)
      rack (>= 1.0)
    rb-fsevent (0.9.4)
    rb-inotify (0.9.5)
      ffi (>= 0.5.0)
    redcarpet (3.2.3)
    rouge (1.8.0)
    sass (3.4.13)
    slim (3.0.3)
      temple (~> 0.7.3)
      tilt (>= 1.3.3, < 2.1)
    sprockets (2.12.3)
      hike (~> 1.2)
      multi_json (~> 1.0)
      rack (~> 1.0)
      tilt (~> 1.1, != 1.3.0)
    sprockets-helpers (1.1.0)
      sprockets (~> 2.0)
    sprockets-sass (1.3.1)
      sprockets (~> 2.0)
      tilt (~> 1.1)
    temple (0.7.5)
    thor (0.19.1)
    thread_safe (0.3.5)
    tilt (1.4.1)
    tilt-jbuilder (0.6.1)
      jbuilder
      tilt (<= 1.5.0)
    timers (4.0.1)
      hitimes
    tzinfo (1.2.2)
      thread_safe (~> 0.1)
    uber (0.0.13)
    uglifier (2.7.1)
      execjs (>= 0.3.0)
      json (>= 1.8.0)

PLATFORMS
  ruby

DEPENDENCIES
  builder (~> 3.0)
  coffee-script
  dotenv
  jbuilder
  levenshtein-ffi
  middleman (~> 3.3)
  middleman-blog!
  middleman-blog-similar!
  middleman-deploy
  middleman-disqus
  middleman-favicon-maker (~> 3.5)
  middleman-gemoji
  middleman-google-analytics!
  middleman-livereload (~> 3.3.2)
  middleman-ogp!
  middleman-syntax!
  nokogiri
  redcarpet
  sass
  slim
  tilt-jbuilder
